GEM
  remote: http://rubygems.org/
  specs:
    ncurses (0.9.1)

PLATFORMS
  ruby

DEPENDENCIES
  ncurses
